GEM
  remote: https://rubygems.org/
  specs:
    chardet2 (1.0.1)
    diff-lcs (1.2.4)
    faraday (0.8.8)
      multipart-post (~> 1.2.0)
    htmlentities (4.3.1)
    json (1.8.0)
    multi_json (1.7.7)
    multipart-post (1.2.0)
    nokogiri (1.5.0)
    rspec (2.14.1)
      rspec-core (~> 2.14.0)
      rspec-expectations (~> 2.14.0)
      rspec-mocks (~> 2.14.0)
    rspec-core (2.14.4)
    rspec-expectations (2.14.0)
      diff-lcs (>= 1.1.3, < 2.0)
    rspec-mocks (2.14.1)
    simple_oauth (0.2.0)
    twitter (4.8.1)
      faraday (~> 0.8, < 0.10)
      multi_json (~> 1.0)
      simple_oauth (~> 0.2)

PLATFORMS
  ruby

DEPENDENCIES
  chardet2 (= 1.0.1)
  htmlentities (= 4.3.1)
  json (= 1.8.0)
  nokogiri (= 1.5.0)
  rspec (= 2.14.1)
  twitter (= 4.8.1)
